GIT
  remote: https://github.com/rspec/rspec
  revision: e1c2c6bd78c849d7956431331f32ba5092951dab
  branch: master
  specs:
    rspec (3.10.0.pre)
      rspec-core (= 3.10.0.pre)
      rspec-expectations (= 3.10.0.pre)
      rspec-mocks (= 3.10.0.pre)

GIT
  remote: https://github.com/rspec/rspec-core
  revision: b7067c5da4fde57cbbff739b168008482e61db44
  branch: master
  specs:
    rspec-core (3.10.0.pre)
      rspec-support (= 3.10.0.pre)

GIT
  remote: https://github.com/rspec/rspec-expectations
  revision: 99f9bcaff2a6f3d82f4e350e829eca6ab015694f
  branch: master
  specs:
    rspec-expectations (3.10.0.pre)
      diff-lcs (>= 1.2.0, < 2.0)
      rspec-support (= 3.10.0.pre)

GIT
  remote: https://github.com/rspec/rspec-its
  revision: cf5c34dafab9ee1a8ded474b4c6610fbecb55a68
  branch: master
  specs:
    rspec-its (1.3.0)
      rspec-core (>= 3.0.0)
      rspec-expectations (>= 3.0.0)

GIT
  remote: https://github.com/rspec/rspec-mocks
  revision: 5b897e8f74f3059aef43f1ed5f91719f2267a04e
  branch: master
  specs:
    rspec-mocks (3.10.0.pre)
      diff-lcs (>= 1.2.0, < 2.0)
      rspec-support (= 3.10.0.pre)

GIT
  remote: https://github.com/rspec/rspec-support
  revision: 673133cdd13b17077b3d88ece8d7380821f8d7dc
  branch: master
  specs:
    rspec-support (3.10.0.pre)

PATH
  remote: .
  specs:
    abstract_bundle (0.1.15.13)
      active_model_serializers
      activesupport
      bcrypt
      redis

GEM
  remote: https://rubygems.org/
  specs:
    actionpack (6.0.1)
      actionview (= 6.0.1)
      activesupport (= 6.0.1)
      rack (~> 2.0)
      rack-test (>= 0.6.3)
      rails-dom-testing (~> 2.0)
      rails-html-sanitizer (~> 1.0, >= 1.2.0)
    actionview (6.0.1)
      activesupport (= 6.0.1)
      builder (~> 3.1)
      erubi (~> 1.4)
      rails-dom-testing (~> 2.0)
      rails-html-sanitizer (~> 1.1, >= 1.2.0)
    active_model_serializers (0.10.10)
      actionpack (>= 4.1, < 6.1)
      activemodel (>= 4.1, < 6.1)
      case_transform (>= 0.2)
      jsonapi-renderer (>= 0.1.1.beta1, < 0.3)
    activemodel (6.0.1)
      activesupport (= 6.0.1)
    activesupport (6.0.1)
      concurrent-ruby (~> 1.0, >= 1.0.2)
      i18n (>= 0.7, < 2)
      minitest (~> 5.1)
      tzinfo (~> 1.1)
      zeitwerk (~> 2.2)
    bcrypt (3.1.13)
    builder (3.2.3)
    case_transform (0.2)
      activesupport
    concurrent-ruby (1.1.5)
    crass (1.0.5)
    diff-lcs (1.3)
    erubi (1.9.0)
    i18n (1.7.0)
      concurrent-ruby (~> 1.0)
    jsonapi-renderer (0.2.2)
    loofah (2.3.1)
      crass (~> 1.0.2)
      nokogiri (>= 1.5.9)
    mini_portile2 (2.4.0)
    minitest (5.13.0)
    nokogiri (1.10.5)
      mini_portile2 (~> 2.4.0)
    rack (2.0.8)
    rack-test (1.1.0)
      rack (>= 1.0, < 3)
    rails-dom-testing (2.0.3)
      activesupport (>= 4.2.0)
      nokogiri (>= 1.6)
    rails-html-sanitizer (1.3.0)
      loofah (~> 2.3)
    rake (10.5.0)
    redis (4.1.3)
    thread_safe (0.3.6)
    tzinfo (1.2.5)
      thread_safe (~> 0.1)
    zeitwerk (2.2.1)

PLATFORMS
  ruby

DEPENDENCIES
  abstract_bundle!
  active_model_serializers
  activesupport
  bcrypt
  bundler (~> 1.16.a)
  rake (~> 10.0)
  redis
  rspec!
  rspec-core!
  rspec-expectations!
  rspec-its!
  rspec-mocks!
  rspec-support!

BUNDLED WITH
   1.17.2
